PATH
  remote: .
  specs:
    janky (0.10.2)
      activerecord (~> 3.2.0)
      broach (~> 0.2)
      mustache (~> 0.11)
      rake (~> 0.9.2)
      replicate (~> 1.4)
      sinatra (~> 1.3)
      sinatra_auth_github (~> 1.0.0)
      yajl-ruby (~> 1.1.0)

GEM
  remote: http://rubygems.org/
  specs:
    activemodel (3.2.17)
      activesupport (= 3.2.17)
      builder (~> 3.0.0)
    activerecord (3.2.17)
      activemodel (= 3.2.17)
      activesupport (= 3.2.17)
      arel (~> 3.0.2)
      tzinfo (~> 0.3.29)
    activesupport (3.2.17)
      i18n (~> 0.6, >= 0.6.4)
      multi_json (~> 1.0)
    addressable (2.3.5)
    arel (3.0.3)
    broach (0.3.0)
      multi_json (~> 1.7)
      nap (~> 0.5)
    builder (3.0.4)
    daemons (1.1.9)
    database_cleaner (0.9.1)
    eventmachine (1.0.3)
    faraday (0.9.0)
      multipart-post (>= 1.2, < 3)
    i18n (0.6.9)
    metaclass (0.0.4)
    mocha (0.10.5)
      metaclass (~> 0.0.1)
    multi_json (1.9.0)
    multipart-post (2.0.0)
    mustache (0.99.5)
    mysql2 (0.3.15)
    nap (0.6.0)
    octokit (2.7.2)
      sawyer (~> 0.5.2)
    rack (1.5.2)
    rack-protection (1.5.2)
      rack
    rake (0.9.6)
    replicate (1.5.1)
    sawyer (0.5.3)
      addressable (~> 2.3.5)
      faraday (~> 0.8, < 0.10)
    shotgun (0.9)
      rack (>= 1.0)
    sinatra (1.4.4)
      rack (~> 1.4)
      rack-protection (~> 1.4)
      tilt (~> 1.3, >= 1.3.4)
    sinatra_auth_github (1.0.0)
      sinatra (~> 1.0)
      warden-github (~> 1.0)
    thin (1.6.2)
      daemons (>= 1.0.9)
      eventmachine (>= 1.0.0)
      rack (>= 1.0.0)
    tilt (1.4.1)
    tzinfo (0.3.39)
    warden (1.2.3)
      rack (>= 1.0)
    warden-github (1.0.0)
      octokit (> 2.1.0)
      warden (> 1.0)
    yajl-ruby (1.1.0)

PLATFORMS
  ruby

DEPENDENCIES
  database_cleaner (~> 0.6)
  janky!
  mocha (~> 0.10.4)
  mysql2 (~> 0.3.0)
  shotgun (~> 0.9)
  thin (~> 1.2)
